GEM
  remote: https://rubygems.org/
  specs:
    pg (1.5.6)

PLATFORMS
  ruby
  x86_64-darwin-22

DEPENDENCIES
  pg

BUNDLED WITH
   2.5.10
